GEM
  remote: http://rubygems.org/
  specs:
    abstract (1.0.0)
    actionmailer (3.0.0)
      actionpack (= 3.0.0)
      mail (~> 2.2.5)
    actionpack (3.0.0)
      activemodel (= 3.0.0)
      activesupport (= 3.0.0)
      builder (~> 2.1.2)
      erubis (~> 2.6.6)
      i18n (~> 0.4.1)
      rack (~> 1.2.1)
      rack-mount (~> 0.6.12)
      rack-test (~> 0.5.4)
      tzinfo (~> 0.3.23)
    activemodel (3.0.0)
      activesupport (= 3.0.0)
      builder (~> 2.1.2)
      i18n (~> 0.4.1)
    activerecord (3.0.0)
      activemodel (= 3.0.0)
      activesupport (= 3.0.0)
      arel (~> 1.0.0)
      tzinfo (~> 0.3.23)
    activeresource (3.0.0)
      activemodel (= 3.0.0)
      activesupport (= 3.0.0)
    activesupport (3.0.0)
    addressable (2.2.2)
    arel (1.0.1)
      activesupport (~> 3.0.0)
    bson (1.1.1)
    builder (2.1.2)
    compass (0.10.6.pre.1)
      haml (>= 3.0.4)
    compass-colors (0.3.1)
      compass (>= 0.8.7)
    daemons (1.0.10)
    differ (0.1.1)
    dynamic_form (1.1.3)
    erubis (2.6.6)
      abstract (>= 1.0.0)
    fancy-buttons (0.5.5)
      compass (>= 0.10.0)
      haml (>= 3.0.2)
    faraday (0.5.1)
      addressable (~> 2.2.2)
      multipart-post (~> 1.0.1)
      rack (~> 1.2.1)
    ffi (0.6.3)
      rake (>= 0.8.7)
    gem_plugin (0.2.3)
    geoip (0.8.7)
    goalie (0.0.4)
      actionpack (>= 3.0.0)
      activesupport (>= 3.0.0)
    haml (3.0.22)
    hpricot (0.8.2)
    i18n (0.4.1)
    jnunemaker-validatable (1.8.4)
      activesupport (>= 2.3.4)
    json (1.4.6)
    magent (0.4.2)
      mongo (>= 0.1.0)
      uuidtools (>= 2.0.0)
    magic (0.2.6)
      ffi (>= 0.6.3)
    mail (2.2.7)
      activesupport (>= 2.3.6)
      mime-types
      treetop (>= 1.4.5)
    mechanize (1.0.0)
      nokogiri (>= 1.2.1)
    mime-types (1.16)
    mongo (1.1.1)
      bson (>= 1.1.1)
    mongo_mapper (0.8.6)
      activesupport (>= 2.3.4)
      jnunemaker-validatable (~> 1.8.4)
      plucky (~> 0.3.6)
    mongomapper_ext (0.5.1)
      mongo_mapper (~> 0.8)
      uuidtools (>= 2.0.0)
    mongrel (1.2.0.pre2)
      daemons (~> 1.0.10)
      gem_plugin (~> 0.2.3)
    multi_json (0.0.4)
    multiauth (0.2.7)
      omniauth (~> 0.1.3)
      rails (>= 3.0.0)
    multipart-post (1.0.1)
    net-ldap (0.1.1)
    niftier-generators (0.1.2)
    nokogiri (1.4.3.1)
    oa-basic (0.1.6)
      multi_json (~> 0.0.2)
      nokogiri (~> 1.4.2)
      oa-core (= 0.1.6)
      rest-client (~> 1.6.0)
    oa-core (0.1.6)
      rack (~> 1.1)
    oa-enterprise (0.1.6)
      net-ldap (~> 0.1.1)
      nokogiri (~> 1.4.2)
      oa-core (= 0.1.6)
      pyu-ruby-sasl (~> 0.0.3.1)
      rubyntlm (~> 0.1.1)
    oa-oauth (0.1.6)
      multi_json (~> 0.0.2)
      nokogiri (~> 1.4.2)
      oa-core (= 0.1.6)
      oauth (~> 0.4.0)
      oauth2 (~> 0.1.0)
    oa-openid (0.1.6)
      oa-core (= 0.1.6)
      rack-openid (~> 1.2.0)
      ruby-openid-apps-discovery
    oauth (0.4.3)
    oauth2 (0.1.0)
      faraday (~> 0.5.0)
      multi_json (~> 0.0.4)
    omniauth (0.1.6)
      oa-basic (= 0.1.6)
      oa-core (= 0.1.6)
      oa-enterprise (= 0.1.6)
      oa-oauth (= 0.1.6)
      oa-openid (= 0.1.6)
    plucky (0.3.6)
      mongo (~> 1.1)
    polyglot (0.3.1)
    pyu-ruby-sasl (0.0.3.2)
    rack (1.2.1)
    rack-mount (0.6.13)
      rack (>= 1.0.0)
    rack-openid (1.2.0)
      rack (>= 1.1.0)
      ruby-openid (>= 2.1.8)
    rack-recaptcha (0.2.2)
      json
    rack-test (0.5.6)
      rack (>= 1.0)
    rails (3.0.0)
      actionmailer (= 3.0.0)
      actionpack (= 3.0.0)
      activerecord (= 3.0.0)
      activeresource (= 3.0.0)
      activesupport (= 3.0.0)
      bundler (~> 1.0.0)
      railties (= 3.0.0)
    railties (3.0.0)
      actionpack (= 3.0.0)
      activesupport (= 3.0.0)
      rake (>= 0.8.4)
      thor (~> 0.14.0)
    rake (0.8.7)
    rdiscount (1.6.5)
    rest-client (1.6.1)
      mime-types (>= 1.16)
    ruby-openid (2.1.8)
    ruby-openid-apps-discovery (1.2.0)
      ruby-openid (>= 2.1.7)
    ruby-stemmer (0.8.2)
    ruby_parser (2.0.5)
      sexp_processor (~> 3.0)
    rubyntlm (0.1.1)
    sanitize (1.2.1)
      nokogiri (~> 1.4.1)
    sexp_processor (3.0.5)
    thor (0.14.3)
    treetop (1.4.8)
      polyglot (>= 0.3.1)
    twitter-text (1.1.8)
      actionpack
    tzinfo (0.3.23)
    uuidtools (2.1.1)
    whatlanguage (1.0.0)

PLATFORMS
  ruby

DEPENDENCIES
  bson (= 1.1.1)
  compass (= 0.10.6.pre.1)
  compass-colors (= 0.3.1)
  differ (= 0.1.1)
  dynamic_form
  fancy-buttons (= 0.5.5)
  geoip
  goalie
  haml
  hpricot
  jnunemaker-validatable (= 1.8.4)
  magent (= 0.4.2)
  magic
  mechanize
  mongo (= 1.1.1)
  mongo_mapper (= 0.8.6)
  mongomapper_ext (= 0.5.1)
  mongrel (= 1.2.0.pre2)
  multiauth (= 0.2.7)
  niftier-generators (= 0.1.2)
  nokogiri
  omniauth (= 0.1.6)
  plucky (= 0.3.6)
  rack-recaptcha (= 0.2.2)
  rails (= 3.0.0)
  rdiscount (= 1.6.5)
  ruby-stemmer (~> 0.8.2)
  ruby_parser
  sanitize (= 1.2.1)
  twitter-text (= 1.1.8)
  uuidtools (= 2.1.1)
  whatlanguage (= 1.0.0)
